STORAGE: PACKAGES
RESTRICTION: == net45
NUGET
  remote: https://api.nuget.org/v3/index.json
    AvalonEdit (5.0.3)
    Caliburn.Micro (3.2)
      Caliburn.Micro.Core (3.2)
    Caliburn.Micro.Core (3.2)
    Extended.Wpf.Toolkit (2.9)
    Gu.Localization (6.4)
    Gu.Wpf.Localization (6.4)
      Gu.Localization (>= 6.4)
    HelixToolkit (2015.1.657)
    HelixToolkit.Wpf (2015.1.657)
      HelixToolkit (>= 2015.1.657)
    MahApps.Metro (1.2.4)
    Microsoft.CodeAnalysis.Analyzers (1.1)
    Microsoft.CodeAnalysis.Common (1.1.1)
      Microsoft.CodeAnalysis.Analyzers (>= 1.1)
      System.Collections.Immutable (>= 1.1.37)
      System.Reflection.Metadata (>= 1.1)
    Microsoft.CodeAnalysis.CSharp (1.1.1)
      Microsoft.CodeAnalysis.Common (1.1.1)
    MonoGame.Framework.WindowsDX (3.4.0.459)
    NUnit (3.0.1)
    SharpDX (2.6.3)
    SharpDX.Direct2D1 (2.6.3)
      SharpDX (>= 2.6.3)
      SharpDX.DXGI (>= 2.6.3)
    SharpDX.Direct3D11 (2.6.3)
      SharpDX (>= 2.6.3)
      SharpDX.DXGI (>= 2.6.3)
    SharpDX.Direct3D9 (2.6.3)
      SharpDX (>= 2.6.3)
    SharpDX.DXGI (2.6.3)
      SharpDX (>= 2.6.3)
    SharpDX.Toolkit (2.6.3)
      SharpDX (>= 2.6.3)
      SharpDX.Direct3D11 (>= 2.6.3)
      SharpDX.DXGI (>= 2.6.3)
    SharpDX.Toolkit.Graphics (2.6.3)
      SharpDX (>= 2.6.3)
      SharpDX.Direct2D1 (>= 2.6.3)
      SharpDX.Direct3D11 (>= 2.6.3)
      SharpDX.DXGI (>= 2.6.3)
      SharpDX.Toolkit (>= 2.6.3)
    System.Collections.Immutable (1.1.37)
    System.Reflection.Metadata (1.1)
      System.Collections.Immutable (>= 1.1.37)
    Xceed.Wpf.AvalonDock.Themes.VS2013 (2.9.0.1)
      Extended.Wpf.Toolkit (>= 2.9)
